GEM
  remote: https://rubygems.org/
  specs:
    progressbar (0.20.0)
    rmagick (2.13.2)
    sprite-factory (1.5.3)

PLATFORMS
  ruby

DEPENDENCIES
  progressbar (~> 0.20.0)
  rmagick (= 2.13.2)
  sprite-factory
