GEM
  remote: https://rubygems.org/
  specs:
    progressbar (0.20.0)
    rmagick (2.13.2)

PLATFORMS
  ruby

DEPENDENCIES
  progressbar (~> 0.20.0)
  rmagick (= 2.13.2)
